GEM
  remote: https://rubygems.org/
  specs:
    daemon_controller (1.2.0)
    rack (1.5.2)
    rake (10.3.2)

PLATFORMS
  ruby

DEPENDENCIES
  daemon_controller (>= 1.2.0)
  rack
  rake (>= 0.8.1)
